GEM
  remote: http://rubygems.org/
  specs:
    dalli (2.0.5)
    fitgem (0.5.2)
      oauth
    oauth (0.4.6)
    rack (1.4.1)
    rack-protection (1.2.0)
      rack
    redis (3.0.1)
    shotgun (0.9)
      rack (>= 1.0)
    sinatra (1.3.2)
      rack (~> 1.3, >= 1.3.6)
      rack-protection (~> 1.2)
      tilt (~> 1.3, >= 1.3.3)
    tilt (1.3.3)

PLATFORMS
  ruby

DEPENDENCIES
  dalli
  fitgem
  redis
  shotgun
  sinatra
