GEM
  remote: http://rubygems.org/
  specs:
    daemons (1.1.8)
    dalli (2.0.5)
    eventmachine (0.12.10)
    fitgem (0.5.2)
      oauth
    oauth (0.4.6)
    rack (1.4.1)
    rack-protection (1.2.0)
      rack
    rake (0.9.2.2)
    redis (3.0.1)
    shotgun (0.9)
      rack (>= 1.0)
    sinatra (1.3.2)
      rack (~> 1.3, >= 1.3.6)
      rack-protection (~> 1.2)
      tilt (~> 1.3, >= 1.3.3)
    thin (1.3.1)
      daemons (>= 1.0.9)
      eventmachine (>= 0.12.6)
      rack (>= 1.0.0)
    tilt (1.3.3)

PLATFORMS
  ruby

DEPENDENCIES
  dalli
  fitgem
  rake
  redis
  shotgun
  sinatra
  thin
